GEM
  remote: https://rubygems.org/
  specs:
    timecoder (0.0.1)

PLATFORMS
  ruby

DEPENDENCIES
  timecoder
